GEM
  remote: https://rubygems.org/
  specs:
    chunky_png (1.4.0)
    pdf-core (0.9.0)
    prawn (2.4.0)
      pdf-core (~> 0.9.0)
      ttfunk (~> 1.7)
    rqrcode (1.2.0)
      chunky_png (~> 1.0)
      rqrcode_core (~> 0.2)
    rqrcode_core (0.2.0)
    ttfunk (1.7.0)

PLATFORMS
  ruby

DEPENDENCIES
  prawn
  rqrcode

BUNDLED WITH
   2.2.9
