GEM
  remote: https://rubygems.org/
  specs:
    addressable (2.8.4)
      public_suffix (>= 2.0.2, < 6.0)
    chunky_png (1.4.0)
    css_parser (1.14.0)
      addressable
    matrix (0.4.2)
    pdf-core (0.9.0)
    prawn (2.4.0)
      pdf-core (~> 0.9.0)
      ttfunk (~> 1.7)
    prawn-svg (0.32.0)
      css_parser (~> 1.6)
      prawn (>= 0.11.1, < 3)
      rexml (~> 3.2)
    public_suffix (5.0.1)
    rexml (3.2.5)
    rqrcode (2.1.2)
      chunky_png (~> 1.0)
      rqrcode_core (~> 1.0)
    rqrcode_core (1.2.0)
    ttfunk (1.7.0)

PLATFORMS
  x86_64-linux

DEPENDENCIES
  matrix
  prawn
  prawn-svg
  rqrcode

BUNDLED WITH
   2.4.13
